GEM
  remote: https://rubygems.org/
  specs:
    haml (4.0.6)
      tilt
    httparty (0.13.3)
      json (~> 1.8)
      multi_xml (>= 0.5.2)
    json (1.8.2)
    multi_xml (0.5.5)
    tilt (2.0.1)

PLATFORMS
  ruby

DEPENDENCIES
  haml
  httparty
